GEM
  remote: https://rubygems.org/
  specs:
    eventmachine (1.2.7)
    faye-websocket (0.10.9)
      eventmachine (>= 0.12.0)
      websocket-driver (>= 0.5.1)
    nio4r (2.5.7)
    puma (4.3.8)
      nio4r (~> 2.0)
    rack (2.1.4)
    rb-fsevent (0.10.3)
    sequel (5.24.0)
    sqlite3 (1.4.1)
    websocket-driver (0.7.1)
      websocket-extensions (>= 0.1.0)
    websocket-extensions (0.1.5)
    zeitwerk (2.1.10)

PLATFORMS
  ruby

DEPENDENCIES
  faye-websocket
  puma
  rack
  rb-fsevent
  sequel
  sqlite3
  zeitwerk

BUNDLED WITH
   1.17.3
